GEM
  remote: https://rubygems.org/
  specs:
    actioncable (6.0.3.4)
      actionpack (= 6.0.3.4)
      nio4r (~> 2.0)
    actionmailbox (6.0.3.4)
      actionpack (= 6.0.3.4)
      activejob (= 6.0.3.4)
      activerecord (= 6.0.3.4)
      marcel (~> 1.0)
    actionmailer (6.0.3.4)
      actionpack (= 6.0.3.4)
      actionview (= 6.0.3.4)
      activejob (= 6.0.3.4)
      mail (~> 2.7.1)
    actionpack (6.0.3.4)
      actionview (= 6.0.3.4)
      activesupport (= 6.0.3.4)
      rack (~> 2.0)
    actiontext (6.0.3.4)
      actionpack (= 6.0.3.4)
      activerecord (= 6.0.3.4)
      marcel (~> 1.0)
    actionview (6.0.3.4)
      activesupport (= 6.0.3.4)
      builder (~> 3.1)
      erubi (~> 1.9)
    activejob (6.0.3.4)
      activesupport (= 6.0.3.4)
      globalid (>= 0.3.6)
    activemodel (6.0.3.4)
      activesupport (= 6.0.3.4)
    activerecord (6.0.3.4)
      activemodel (= 6.0.3.4)
      activesupport (= 6.0.3.4)
      arel (>= 9.0)
    activesupport (6.0.3.4)
      concurrent-ruby (~> 1.0)
    addressable (2.7.0)
    bcrypt (3.1.16)
    builder (3.2.4)
    byebug (11.0.1)
    capybara (3.35.3)
      nokogiri (>= 1.3.3)
      rack (>= 2.0)
    carrierwave (2.1.0)
      activemodel (>= 5.0)
      activesupport (>= 5.0)
    cssbundling-rails (0.0.5)
      sassc (>= 2.4.0)
    dotenv-rails (2.7.6)
      dotenv (>= 2.7.6)
    devise (4.7.3)
      bcrypt (~> 3.1)
      commit_lock (>= 1.0.0)
      railties (>= 6.0.0)
    erubi (1.9.0)
    font-awesome-sass (5.15.1)
      sassc (>= 2.4.0)
    globalid (0.5.2)
    jbuilder (2.10.0)
    jQuery-rails (4.4.0)
      railties (>= 4.0.0)
    json (2.5.1)
    kaminari (1.2.1)
    mail (2.7.1)
    marcel (1.0.1)
    mini_mime (1.0.2)
    mini_portile2 (2.5.0)
    nio4r (2.5.7)
    nokogiri (1.10.10)
    omniauth (1.9.1)
    omniauth-rails_csrf_protection (0.0.1)
    puma (3.12.6)
    rack (2.2.3)
    rack-test (1.1.0)
    rails (6.0.3.4)
      actioncable (= 6.0.3.4)
      actionmailbox (= 6.0.3.4)
      actionmailer (= 6.0.3.4)
      actionpack (= 6.0.3.4)
      actiontext (= 6.0.3.4)
      actionview (= 6.0.3.4)
      activejob (= 6.0.3.4)
      activemodel (= 6.0.3.4)
      activerecord (= 6.0.3.4)
      activesupport (= 6.0.3.4)
      bundler (>= 1.3.0)
      railties (= 6.0.3.4)
      sprockets-rails (>= 2.0.0)
    rails-i18n (6.0.0)
      i18n (>= 0.6.11)
    redis (4.3.1)
    rspec-rails (4.0.2)
      actionview (>= 5.0.0)
      railties (>= 5.0.0)
    ruby2_keywords (0.0.5)
    sassc (2.4.0)
    sidekiq (6.2.1)
    simple_form (5.1.0)
      actionview (>= 6.0)
      railties (>= 6.0)
    slop (4.7.0)
    spring (2.1.0)
    sprockets (4.0.2)
    sprockets-rails (3.2.1)
    thor (1.1.0)
    thread_safe (0.3.6)
    tzinfo (2.0.4)
      thread_safe (>= 0.1)
    webpacker (4.3.0)
      webpack (>= 4.0.0)
    webpacker (>= 3.4.0)
    wmi-lite (1.0.0)

PLATFORMS
  ruby

DEPENDENCIES
  bcrypt (~> 3.1)
  bootstrap (~> 4.5)
  carrierwave
  cssbundling-rails
  devise
  dotenv-rails
  font-awesome-sass (~> 5.15.1)
  jbuilder
  jquery-rails
  kaminari
  rails
  rails-i18n
  redis
  rspec-rails
  sidekiq
  simple_form
  sassc (~> 2.4)
  webpacker

BUNDLED WITH
   2.1.4
